GEM
  remote: http://rubygems.org/
  remote: http://gems.rubyforge.org/
  specs:
    ZenTest (4.6.2)
    abstract (1.0.0)
    actionmailer (3.0.9)
      actionpack (= 3.0.9)
      mail (~> 2.2.19)
    actionpack (3.0.9)
      activemodel (= 3.0.9)
      activesupport (= 3.0.9)
      builder (~> 2.1.2)
      erubis (~> 2.6.6)
      i18n (~> 0.5.0)
      rack (~> 1.2.1)
      rack-mount (~> 0.6.14)
      rack-test (~> 0.5.7)
      tzinfo (~> 0.3.23)
    activemodel (3.0.9)
      activesupport (= 3.0.9)
      builder (~> 2.1.2)
      i18n (~> 0.5.0)
    activerecord (3.0.9)
      activemodel (= 3.0.9)
      activesupport (= 3.0.9)
      arel (~> 2.0.10)
      tzinfo (~> 0.3.23)
    activerecord-spatialite-adapter (0.4.0)
      rgeo-activerecord (~> 0.4.0)
      sqlite3 (>= 1.3.3)
    activeresource (3.0.9)
      activemodel (= 3.0.9)
      activesupport (= 3.0.9)
    activesupport (3.0.9)
    acts-as-taggable-on (2.1.1)
      rails
    addressable (2.2.6)
    arel (2.0.10)
    bcrypt-ruby (3.0.1)
    builder (2.1.2)
    crack (0.3.1)
    curb (0.7.16)
    devise (1.5.2)
      bcrypt-ruby (~> 3.0)
      orm_adapter (~> 0.0.3)
      warden (~> 1.1)
    diff-lcs (1.1.3)
    erubis (2.6.6)
      abstract (>= 1.0.0)
    factory_girl (2.3.2)
      activesupport
    factory_girl_rails (1.4.0)
      factory_girl (~> 2.3.0)
      railties (>= 3.0.0)
    faker (1.0.1)
      i18n (~> 0.4)
    feedzirra (0.1.1)
      activesupport (>= 3.0.8)
      builder (~> 2.1.2)
      curb (~> 0.7.15)
      i18n (>= 0.5.0)
      loofah (~> 1.2.0)
      nokogiri (~> 1.4.4)
      rake (>= 0.9.2)
      rdoc (~> 3.8)
      sax-machine (~> 0.1.0)
    geocoder (1.0.5)
    has_scope (0.5.1)
    hashie (1.2.0)
    httparty (0.8.1)
      multi_json
      multi_xml
    i18n (0.5.0)
    inherited_resources (1.3.0)
      has_scope (~> 0.5.0)
      responders (~> 0.6.0)
    jquery-rails (1.0.19)
      railties (~> 3.0)
      thor (~> 0.14)
    json (1.6.3)
    json_pure (1.6.3)
    loofah (1.2.0)
      nokogiri (>= 1.4.4)
    mail (2.2.19)
      activesupport (>= 2.3.6)
      i18n (>= 0.4.0)
      mime-types (~> 1.16)
      treetop (~> 1.4.8)
    meta_search (1.0.6)
      actionpack (~> 3.0.2)
      activerecord (~> 3.0.2)
      activesupport (~> 3.0.2)
      arel (~> 2.0.2)
    metaclass (0.0.1)
    mime-types (1.17.2)
    mocha (0.10.0)
      metaclass (~> 0.0.1)
    multi_json (1.0.4)
    multi_xml (0.4.1)
    nokogiri (1.4.7)
    orm_adapter (0.0.5)
    polyglot (0.3.3)
    rack (1.2.4)
    rack-mount (0.6.14)
      rack (>= 1.0.0)
    rack-test (0.5.7)
      rack (>= 1.0)
    rails (3.0.9)
      actionmailer (= 3.0.9)
      actionpack (= 3.0.9)
      activerecord (= 3.0.9)
      activeresource (= 3.0.9)
      activesupport (= 3.0.9)
      bundler (~> 1.0)
      railties (= 3.0.9)
    railties (3.0.9)
      actionpack (= 3.0.9)
      activesupport (= 3.0.9)
      rake (>= 0.8.7)
      rdoc (~> 3.4)
      thor (~> 0.14.4)
    rake (0.9.2.2)
    rdoc (3.11)
      json (~> 1.4)
    responders (0.6.4)
    rgeo (0.3.2)
    rgeo-activerecord (0.4.1)
      activerecord (>= 3.0.3)
      arel (>= 2.0.6)
      rgeo (>= 0.3.2)
    rspec (2.7.0)
      rspec-core (~> 2.7.0)
      rspec-expectations (~> 2.7.0)
      rspec-mocks (~> 2.7.0)
    rspec-core (2.7.1)
    rspec-expectations (2.7.0)
      diff-lcs (~> 1.1.2)
    rspec-mocks (2.7.0)
    rspec-rails (2.7.0)
      actionpack (~> 3.0)
      activesupport (~> 3.0)
      railties (~> 3.0)
      rspec (~> 2.7.0)
    sax-machine (0.1.0)
      nokogiri (> 0.0.0)
    simplecov (0.5.4)
      multi_json (~> 1.0.3)
      simplecov-html (~> 0.5.3)
    simplecov-html (0.5.3)
    spork (0.9.0.rc9)
    sqlite3 (1.3.4)
    thor (0.14.6)
    timecop (0.3.5)
    treetop (1.4.10)
      polyglot
      polyglot (>= 0.3.1)
    tropo-webapi-ruby (0.1.11)
      hashie (>= 0.2.0)
      json_pure (>= 1.2.0)
    twilio (3.1.0)
      builder (>= 2.1.2)
      httparty (~> 0.8)
    tzinfo (0.3.31)
    warden (1.1.0)
      rack (>= 1.0)
    webmock (1.7.8)
      addressable (~> 2.2, > 2.2.5)
      crack (>= 0.1.7)
    will_paginate (3.0.2)
    yard (0.7.3)

PLATFORMS
  ruby

DEPENDENCIES
  ZenTest
  activerecord-spatialite-adapter
  acts-as-taggable-on
  devise
  factory_girl_rails
  faker
  feedzirra
  geocoder
  inherited_resources
  jquery-rails
  meta_search
  mocha
  rails (= 3.0.9)
  rspec-rails
  simplecov
  spork (= 0.9.0.rc9)
  sqlite3
  timecop
  tropo-webapi-ruby
  twilio
  webmock
  will_paginate
  yard
